GIT
  remote: git://github.com/hone/indextank-rb.git
  revision: eb70a5c8a8fa0a5b760f92be1601efc31f83c0c4
  specs:
    indextank (0.0.1)
      faraday
      yajl-ruby (= 0.7.7)

GIT
  remote: git://github.com/technoweenie/faraday
  revision: 3254837891d2c912e3fcac183c04581623e3712c
  specs:
    faraday (0.6.1)
      addressable (~> 2.2.4)
      multipart-post (~> 1.1.0)
      rack (>= 1.1.0, < 2)

GEM
  remote: http://rubygems.org/
  specs:
    addressable (2.2.5)
    coderay (0.9.8)
    daemons (1.1.3)
    eventmachine (0.12.10)
    haml (3.1.1)
    heroku-nav (0.1.22)
      json
      rest-client (>= 1.0)
    json (1.5.1)
    mime-types (1.16)
    multipart-post (1.1.0)
    newrelic_rpm (2.14.1)
    nokogiri (1.4.4)
    nokogirl (1.0)
      nokogiri
    rack (1.2.2)
    rack-codehighlighter (0.4.7)
      nokogiri (>= 1.4.1)
      rack (>= 1.0.0)
    rake (0.8.7)
    rdiscount (1.6.8)
    rest-client (1.6.1)
      mime-types (>= 1.16)
    sass (3.1.1)
    sinatra (1.2.6)
      rack (~> 1.1)
      tilt (>= 1.2.2, < 2.0)
    thin (1.2.11)
      daemons (>= 1.0.9)
      eventmachine (>= 0.12.6)
      rack (>= 1.0.0)
    tilt (1.3)
    yajl-ruby (0.7.7)

PLATFORMS
  ruby

DEPENDENCIES
  coderay
  faraday!
  haml
  heroku-nav
  indextank!
  json
  newrelic_rpm
  nokogirl
  rack-codehighlighter
  rake
  rdiscount
  rest-client
  sass
  sinatra
  thin
